PATH
  remote: ../bloc_works
  specs:
    bloc_works (0.1.0)

GEM
  remote: https://rubygems.org/
  specs:
    rack (1.6.4)
    power_assert(0.2.2)
    rack-test(0.6.3)
    rack (>= 1.0)
    test-unit (3.2.3)
      power_assert


PLATFORMS
  ruby

DEPENDENCIES
  bloc_works!
  rack (~> 1.6)
  rack-test
  rack -unit

BUNDLED WITH
   1.12.3
